GEM
  remote: https://rubygems.org/
  specs:
    activesupport (4.2.1)
      i18n (~> 0.7)
      json (~> 1.7, >= 1.7.7)
      minitest (~> 5.1)
      thread_safe (~> 0.3, >= 0.3.4)
      tzinfo (~> 1.1)
    cinch (2.2.5)
    cinch-authentication (0.1.1)
      cinch (~> 2.0)
    cinch-identify (1.7.0)
      cinch (~> 2.0)
    cinch-toolbox (1.1.4)
      nokogiri (~> 1.6.0)
    flippy (0.1.2)
      ruby-termios
      trollop
    httparty (0.13.5)
      json (~> 1.8)
      multi_xml (>= 0.5.2)
    i18n (0.7.0)
    json (1.8.3)
    mini_portile (0.6.2)
    minitest (5.7.0)
    multi_xml (0.5.5)
    nokogiri (1.6.6.2)
      mini_portile (~> 0.6.0)
    ruby-termios (0.9.6)
    thread_safe (0.3.5)
    time_sentence (1.0.1)
    trollop (2.1.2)
    tzinfo (1.2.2)
      thread_safe (~> 0.1)

PLATFORMS
  ruby

DEPENDENCIES
  activesupport
  cinch
  cinch-authentication
  cinch-identify
  cinch-toolbox
  flippy
  httparty
  json
  nokogiri
  time_sentence
